GIT
  remote: git://github.com/collectiveidea/delayed_job.git
  revision: 234fcf8a441e0b9890de05acb46845f4b997690b
  specs:
    delayed_job (2.1.0.pre2)
      activesupport (~> 3.0)
      daemons

GIT
  remote: git://github.com/freelancing-god/thinking-sphinx.git
  revision: 644f57e2ac68998c0511bdee13d11aa86a15fc63
  branch: rails3
  specs:
    thinking-sphinx (2.0.0.rc2)
      activerecord (>= 3.0.0.rc)
      riddle (>= 1.0.12)

GEM
  remote: http://rubygems.org/
  remote: http://gems.github.com/
  specs:
    abstract (1.0.0)
    actionmailer (3.0.0)
      actionpack (= 3.0.0)
      mail (~> 2.2.5)
    actionpack (3.0.0)
      activemodel (= 3.0.0)
      activesupport (= 3.0.0)
      builder (~> 2.1.2)
      erubis (~> 2.6.6)
      i18n (~> 0.4.1)
      rack (~> 1.2.1)
      rack-mount (~> 0.6.12)
      rack-test (~> 0.5.4)
      tzinfo (~> 0.3.23)
    activemodel (3.0.0)
      activesupport (= 3.0.0)
      builder (~> 2.1.2)
      i18n (~> 0.4.1)
    activerecord (3.0.0)
      activemodel (= 3.0.0)
      activesupport (= 3.0.0)
      arel (~> 1.0.0)
      tzinfo (~> 0.3.23)
    activeresource (3.0.0)
      activemodel (= 3.0.0)
      activesupport (= 3.0.0)
    activesupport (3.0.0)
    arel (1.0.1)
      activesupport (~> 3.0.0)
    builder (2.1.2)
    capistrano (2.5.18)
      highline
      net-scp (>= 1.0.0)
      net-sftp (>= 2.0.0)
      net-ssh (>= 2.0.14)
      net-ssh-gateway (>= 1.0.0)
    daemon-spawn (0.2.0)
    daemons (1.1.0)
    erubis (2.6.6)
      abstract (>= 1.0.0)
    faker (0.3.1)
    highline (1.5.0)
    hpricot (0.8.2)
    i18n (0.4.1)
    machinist (1.0.6)
    mail (2.2.5)
      activesupport (>= 2.3.6)
      mime-types
      treetop (>= 1.4.5)
    mime-types (1.16)
    mysql (2.8.1)
    net-scp (1.0.1)
      net-ssh (>= 1.99.1)
    net-sftp (2.0.1)
      net-ssh (>= 1.99.1)
    net-ssh (2.0.15)
    net-ssh-gateway (1.0.0)
      net-ssh (>= 1.99.1)
    newrelic_rpm (2.13.1)
    polyglot (0.3.1)
    rack (1.2.1)
    rack-mount (0.6.13)
      rack (>= 1.0.0)
    rack-test (0.5.4)
      rack (>= 1.0)
    rails (3.0.0)
      actionmailer (= 3.0.0)
      actionpack (= 3.0.0)
      activerecord (= 3.0.0)
      activeresource (= 3.0.0)
      activesupport (= 3.0.0)
      bundler (~> 1.0.0)
      railties (= 3.0.0)
    railties (3.0.0)
      actionpack (= 3.0.0)
      activesupport (= 3.0.0)
      rake (>= 0.8.4)
      thor (~> 0.14.0)
    rake (0.8.7)
    riddle (1.1.0)
    ruby-openid (2.1.6)
    shoulda (2.11.3)
    spox-plist (3.0.1)
    spox-textpow (0.10.3)
      spox-plist
    spox-ultraviolet (0.10.4)
      spox-textpow
    thor (0.14.0)
    treetop (1.4.5)
      polyglot (>= 0.3.1)
    tzinfo (0.3.23)

PLATFORMS
  ruby

DEPENDENCIES
  capistrano
  daemon-spawn (= 0.2.0)
  delayed_job!
  faker
  hpricot
  machinist
  mysql
  newrelic_rpm
  rails (= 3.0.0)
  ruby-openid (= 2.1.6)
  shoulda
  spox-plist
  spox-textpow
  spox-ultraviolet
  thinking-sphinx!
