GIT
  remote: git://github.com/freelancing-god/ts-delayed-delta.git
  revision: 3349b0c5938e8e217c4e27ef40a10aa09905c157
  specs:
    ts-delayed-delta (1.1.1)
      delayed_job (>= 1.8.4)
      thinking-sphinx (>= 1.3.6)

GIT
  remote: git://github.com/xxx/ruby-openid.git
  revision: b25f2a2833effc1186cae81c61e82c2a8e2e808f
  specs:
    ruby-openid (2.1.8)

GEM
  remote: http://rubygems.org/
  remote: http://gems.github.com/
  specs:
    abstract (1.0.0)
    actionmailer (3.0.3)
      actionpack (= 3.0.3)
      mail (~> 2.2.9)
    actionpack (3.0.3)
      activemodel (= 3.0.3)
      activesupport (= 3.0.3)
      builder (~> 2.1.2)
      erubis (~> 2.6.6)
      i18n (~> 0.4)
      rack (~> 1.2.1)
      rack-mount (~> 0.6.13)
      rack-test (~> 0.5.6)
      tzinfo (~> 0.3.23)
    activemodel (3.0.3)
      activesupport (= 3.0.3)
      builder (~> 2.1.2)
      i18n (~> 0.4)
    activerecord (3.0.3)
      activemodel (= 3.0.3)
      activesupport (= 3.0.3)
      arel (~> 2.0.2)
      tzinfo (~> 0.3.23)
    activeresource (3.0.3)
      activemodel (= 3.0.3)
      activesupport (= 3.0.3)
    activesupport (3.0.3)
    arel (2.0.7)
    builder (2.1.2)
    capistrano (2.5.19)
      highline
      net-scp (>= 1.0.0)
      net-sftp (>= 2.0.0)
      net-ssh (>= 2.0.14)
      net-ssh-gateway (>= 1.0.0)
    daemon-spawn (0.2.0)
    daemons (1.1.0)
    delayed_job (2.1.3)
      activesupport (~> 3.0)
      daemons
    erubis (2.6.6)
      abstract (>= 1.0.0)
    factory_girl (1.3.3)
    factory_girl_rails (1.0.1)
      factory_girl (~> 1.3)
      railties (>= 3.0.0)
    highline (1.6.1)
    hpricot (0.8.3)
    i18n (0.5.0)
    jquery-rails (0.2.7)
      rails (~> 3.0)
      thor (~> 0.14.4)
    mail (2.2.15)
      activesupport (>= 2.3.6)
      i18n (>= 0.4.0)
      mime-types (~> 1.16)
      treetop (~> 1.4.8)
    mime-types (1.16)
    mysql (2.8.1)
    net-scp (1.0.4)
      net-ssh (>= 1.99.1)
    net-sftp (2.0.5)
      net-ssh (>= 2.0.9)
    net-ssh (2.1.0)
    net-ssh-gateway (1.0.1)
      net-ssh (>= 1.99.1)
    newrelic_rpm (2.13.4)
    polyglot (0.3.1)
    rack (1.2.1)
    rack-mount (0.6.13)
      rack (>= 1.0.0)
    rack-test (0.5.7)
      rack (>= 1.0)
    rails (3.0.3)
      actionmailer (= 3.0.3)
      actionpack (= 3.0.3)
      activerecord (= 3.0.3)
      activeresource (= 3.0.3)
      activesupport (= 3.0.3)
      bundler (~> 1.0)
      railties (= 3.0.3)
    railties (3.0.3)
      actionpack (= 3.0.3)
      activesupport (= 3.0.3)
      rake (>= 0.8.7)
      thor (~> 0.14.4)
    rake (0.8.7)
    riddle (1.2.2)
    shoulda (2.11.3)
    thinking-sphinx (2.0.2)
      activerecord (>= 3.0.3)
      riddle (>= 1.2.2)
    thor (0.14.6)
    treetop (1.4.9)
      polyglot (>= 0.3.1)
    tzinfo (0.3.24)
    yui-compressor (0.9.3)

PLATFORMS
  ruby

DEPENDENCIES
  capistrano
  daemon-spawn (= 0.2.0)
  delayed_job (= 2.1.3)
  factory_girl_rails
  hpricot
  jquery-rails
  mysql
  newrelic_rpm
  rails (= 3.0.3)
  ruby-openid!
  shoulda
  thinking-sphinx (= 2.0.2)
  ts-delayed-delta!
  yui-compressor
